GEM
  remote: https://rubygems.org/
  specs:
    digest-crc (0.4.1)
    ffaker (2.11.0)
    ruby-kafka (0.7.10)
      digest-crc

PLATFORMS
  ruby

DEPENDENCIES
  ffaker (~> 2.11)
  ruby-kafka (~> 0.7.10)

BUNDLED WITH
   2.0.2
